GEM
  remote: https://rubygems.org/
  specs:
    gserver (0.0.1)
    mustermann (2.0.2)
      ruby2_keywords (~> 0.0.1)
    nyancat (0.2.1)
      gserver (~> 0)
    rack (2.2.4)
    rack-protection (2.2.3)
      rack
    ruby2_keywords (0.0.5)
    sinatra (2.2.3)
      mustermann (~> 2.0)
      rack (~> 2.2)
      rack-protection (= 2.2.3)
      tilt (~> 2.0)
    text-hyphen (1.4.1)
    textstat (0.1.6)
      text-hyphen (~> 1.4, >= 1.4.1)
    tilt (2.0.11)

PLATFORMS
  ruby

DEPENDENCIES
  nyancat (~> 0.2.1)
  sinatra (~> 2.2)
  textstat (~> 0.1.6)

BUNDLED WITH
   2.1.4
