GEM
  remote: https://rubygems.org/
  specs:
    gserver (0.0.1)
    mustermann (1.1.1)
      ruby2_keywords (~> 0.0.1)
    nyancat (0.2.1)
      gserver (~> 0)
    rack (2.2.6.4)
    rack-protection (2.0.8.1)
      rack
    ruby2_keywords (0.0.2)
    sinatra (2.0.8.1)
      mustermann (~> 1.0)
      rack (~> 2.0)
      rack-protection (= 2.0.8.1)
      tilt (~> 2.0)
    text-hyphen (1.4.1)
    textstat (0.1.6)
      text-hyphen (~> 1.4, >= 1.4.1)
    tilt (2.0.10)

PLATFORMS
  ruby

DEPENDENCIES
  nyancat (~> 0.2.1)
  sinatra (~> 2.0, >= 2.0.8.1)
  textstat (~> 0.1.6)

BUNDLED WITH
   2.1.4
